PATH
  remote: localgem_4525
  specs:
    localgem_4525 (0.0.0)

GEM
  remote: https://rubygems.org/
  specs:
    colorize (0.8.1)
    nuggets (1.5.0)
    origami (2.0.2)
      colorize (~> 0.7)
    pdf-core (0.7.0)
    prawn (2.2.2)
      pdf-core (~> 0.7.0)
      ttfunk (~> 1.5)
    sqlite3 (1.3.13)
    thinreports (0.10.0)
      prawn (~> 2.2.0)
    ttfunk (1.5.1)

PLATFORMS
  ruby

DEPENDENCIES
  colorize
  localgem_4525!
  nuggets
  origami
  sqlite3
  thinreports

BUNDLED WITH
   1.14.6
